GEM
  remote: https://rubygems.org/
  specs:
    bubble-wrap (1.4.0)
    rake (10.0.3)

PLATFORMS
  ruby

DEPENDENCIES
  bubble-wrap (~> 1.4.0)
  rake
